GEM
  remote: https://rubygems.org/
  specs:
    ansi (1.5.0)
    ast (2.4.0)
    byebug (10.0.0)
    coderay (1.1.2)
    colorize (0.8.1)
    diff-lcs (1.3)
    highline (1.7.10)
    method_source (0.9.0)
    oga (2.14)
      ast
      ruby-ll (~> 2.1)
    pry (0.11.3)
      coderay (~> 1.1.0)
      method_source (~> 0.9.0)
    pry-byebug (3.6.0)
      byebug (~> 10.0)
      pry (~> 0.10)
    rake (12.3.0)
    rjb (1.5.5)
    rspec (3.7.0)
      rspec-core (~> 3.7.0)
      rspec-expectations (~> 3.7.0)
      rspec-mocks (~> 3.7.0)
    rspec-core (3.7.1)
      rspec-support (~> 3.7.0)
    rspec-expectations (3.7.0)
      diff-lcs (>= 1.2.0, < 2.0)
      rspec-support (~> 3.7.0)
    rspec-mocks (3.7.0)
      diff-lcs (>= 1.2.0, < 2.0)
      rspec-support (~> 3.7.0)
    rspec-support (3.7.1)
    ruby-ll (2.1.2)
      ansi
      ast

PLATFORMS
  ruby

DEPENDENCIES
  bundler
  colorize (~> 0.8)
  highline (~> 1.7)
  oga (~> 2.14)
  pry-byebug
  rake (~> 12.0)
  rjb (~> 1.5)
  rspec

BUNDLED WITH
   1.16.1
